GEM
  remote: https://rubygems.org/
  specs:
    ast (2.4.0)
    backports (3.14.0)
    bcrypt (3.1.12)
    coderay (1.1.2)
    erubis (2.7.0)
    method_source (0.9.2)
    minitest (5.11.3)
    multi_json (1.13.1)
    parser (2.6.3.0)
      ast (~> 2.4.0)
    powerpack (0.1.2)
    pry (0.12.2)
      coderay (~> 1.1.0)
      method_source (~> 0.9.0)
    rack (1.6.11)
    rack-protection (1.5.5)
      rack
    rack-test (1.1.0)
      rack (>= 1.0, < 3)
    rainbow (2.2.2)
      rake
    rake (12.3.2)
    redcarpet (3.4.0)
    rubocop (0.46.0)
      parser (>= 2.3.1.1, < 3.0)
      powerpack (~> 0.1)
      rainbow (>= 1.99.1, < 3.0)
      ruby-progressbar (~> 1.7)
      unicode-display_width (~> 1.0, >= 1.0.1)
    ruby-progressbar (1.10.0)
    sinatra (1.4.8)
      rack (~> 1.5)
      rack-protection (~> 1.4)
      tilt (>= 1.3, < 3)
    sinatra-contrib (1.4.7)
      backports (>= 2.0)
      multi_json
      rack-protection
      rack-test
      sinatra (~> 1.4.0)
      tilt (>= 1.3, < 3)
    tilt (2.0.9)
    unicode-display_width (1.6.0)

PLATFORMS
  ruby

DEPENDENCIES
  bcrypt (~> 3.1, >= 3.1.12)
  erubis
  minitest
  pry
  rack-test
  redcarpet
  rubocop (~> 0.46.0)
  sinatra (~> 1.4.7)
  sinatra-contrib

RUBY VERSION
   ruby 2.6.2p47

BUNDLED WITH
   1.17.2
